GEM
  specs:
    httpclient (2.8.0)
    serialport (1.3.1)

PLATFORMS
  ruby

DEPENDENCIES
  httpclient
  serialport

BUNDLED WITH
   1.12.5
